GEM
  remote: https://rubygems.org/
  specs:
    activemodel (5.2.6)
      activesupport (= 5.2.6)
    activerecord (5.2.6)
      activemodel (= 5.2.6)
      activesupport (= 5.2.6)
      arel (>= 9.0)
    activesupport (5.2.6)
      concurrent-ruby (~> 1.0, >= 1.0.2)
      i18n (>= 0.7, < 2)
      minitest (~> 5.1)
      tzinfo (~> 1.1)
    arel (9.0.0)
    around_the_world (0.25.8.1)
      activesupport (>= 5.2.1)
    collectible (0.25.8.1)
      activesupport (>= 5.2.1)
      short_circu_it (= 0.25.8.1)
      tablesalt (= 0.25.8.1)
    command (0.1.0)
      activesupport (~> 5.2.1)
      flow (>= 0.10.3, < 1.0)
      spicerack (>= 0.18.0, < 1.0)
    concurrent-ruby (1.1.8)
    conjunction (0.25.8.1)
      activemodel (>= 5.2.1)
      activesupport (>= 5.2.1)
      directive (= 0.25.8.1)
      spicerack (= 0.25.8.1)
    directive (0.25.8.1)
      activesupport (>= 5.2.1)
      spicerack (= 0.25.8.1)
    facet (0.25.8.1)
      activesupport (>= 5.2.1)
      short_circu_it (= 0.25.8.1)
      tablesalt (= 0.25.8.1)
    flow (0.10.7.2)
      activemodel (>= 5.2.1)
      activerecord (>= 5.2.1)
      activesupport (>= 5.2.1)
      malfunction (>= 0.2.0, < 1.0)
      spicery (>= 0.21.0, < 1.0)
    i18n (1.8.10)
      concurrent-ruby (~> 1.0)
    malfunction (0.2.0)
      activesupport (>= 5.2.1)
      spicery (>= 0.21.0, < 1.0)
    minitest (5.14.4)
    redis (4.2.5)
    redis_hash (0.25.8.1)
      activesupport (>= 5.2.1)
      redis (>= 3.0)
      tablesalt (= 0.25.8.1)
    short_circu_it (0.25.8.1)
      activesupport (>= 5.2.1)
      around_the_world (= 0.25.8.1)
    spicerack (0.25.8.1)
      around_the_world (= 0.25.8.1)
      redis_hash (= 0.25.8.1)
      short_circu_it (= 0.25.8.1)
      tablesalt (= 0.25.8.1)
      technologic (= 0.25.8.1)
    spicery (0.25.8.1)
      collectible (= 0.25.8.1)
      conjunction (= 0.25.8.1)
      facet (= 0.25.8.1)
      spicerack (= 0.25.8.1)
    tablesalt (0.25.8.1)
      activemodel (>= 5.2.1)
      activesupport (>= 5.2.1)
    technologic (0.25.8.1)
      activesupport (>= 5.2.1)
      short_circu_it (= 0.25.8.1)
    thread_safe (0.3.6)
    tzinfo (1.2.9)
      thread_safe (~> 0.1)

PLATFORMS
  universal-darwin-18

DEPENDENCIES
  command (~> 0.1.0)

BUNDLED WITH
   2.2.18
